GEM
  remote: https://rubygems.org/
  specs:
    activesupport (6.0.3.1)
      concurrent-ruby (~> 1.0, >= 1.0.2)
      i18n (>= 0.7, < 2)
      minitest (~> 5.1)
      tzinfo (~> 1.1)
      zeitwerk (~> 2.2, >= 2.2.2)
    backports (3.16.1)
    concurrent-ruby (1.1.6)
    config (2.2.1)
      deep_merge (~> 1.2, >= 1.2.1)
      dry-validation (~> 1.0, >= 1.0.0)
    deep_merge (1.2.1)
    dotenv (2.7.5)
    dry-configurable (0.11.3)
      concurrent-ruby (~> 1.0)
      dry-core (~> 0.4, >= 0.4.7)
      dry-equalizer (~> 0.2)
    dry-container (0.7.2)
      concurrent-ruby (~> 1.0)
      dry-configurable (~> 0.1, >= 0.1.3)
    dry-core (0.4.9)
      concurrent-ruby (~> 1.0)
    dry-equalizer (0.3.0)
    dry-inflector (0.2.0)
    dry-initializer (3.0.3)
    dry-logic (1.0.6)
      concurrent-ruby (~> 1.0)
      dry-core (~> 0.2)
      dry-equalizer (~> 0.2)
    dry-schema (1.4.3)
      concurrent-ruby (~> 1.0)
      dry-configurable (~> 0.8, >= 0.8.3)
      dry-core (~> 0.4)
      dry-equalizer (~> 0.2)
      dry-initializer (~> 3.0)
      dry-logic (~> 1.0)
      dry-types (~> 1.2)
    dry-types (1.3.1)
      concurrent-ruby (~> 1.0)
      dry-container (~> 0.3)
      dry-core (~> 0.4, >= 0.4.4)
      dry-equalizer (~> 0.3)
      dry-inflector (~> 0.1, >= 0.1.2)
      dry-logic (~> 1.0, >= 1.0.2)
    dry-validation (1.4.2)
      concurrent-ruby (~> 1.0)
      dry-container (~> 0.7, >= 0.7.1)
      dry-core (~> 0.4)
      dry-equalizer (~> 0.2)
      dry-initializer (~> 3.0)
      dry-schema (~> 1.4, >= 1.4.3)
    eventmachine (1.2.7)
    faraday (1.0.0)
      multipart-post (>= 1.2, < 3)
    faraday_middleware (1.0.0.rc1)
      faraday (~> 1.0)
    faye-websocket (0.10.9)
      eventmachine (>= 0.12.0)
      websocket-driver (>= 0.5.1)
    gli (2.19.0)
    hashie (4.1.0)
    i18n (1.8.2)
      concurrent-ruby (~> 1.0)
    json (2.3.0)
    kanmon (0.9.2)
      thor (>= 0.20.0)
      yao (>= 0.12.0)
    kgio (2.11.3)
    minitest (5.14.1)
    multi_json (1.14.1)
    multipart-post (2.1.1)
    mustermann (1.1.1)
      ruby2_keywords (~> 0.0.1)
    nio4r (2.5.2)
    puma (4.3.3)
      nio4r (~> 2.0)
    rack (2.2.2)
    rack-protection (2.0.8.1)
      rack
    raindrops (0.19.1)
    ruby2_keywords (0.0.2)
    sinatra (2.0.8.1)
      mustermann (~> 1.0)
      rack (~> 2.0)
      rack-protection (= 2.0.8.1)
      tilt (~> 2.0)
    sinatra-contrib (2.0.8.1)
      backports (>= 2.8.2)
      multi_json
      mustermann (~> 1.0)
      rack-protection (= 2.0.8.1)
      sinatra (= 2.0.8.1)
      tilt (~> 2.0)
    slack-ruby-bot (0.12.0)
      hashie
      slack-ruby-client (>= 0.14.0)
    slack-ruby-client (0.14.5)
      activesupport
      faraday (>= 0.9)
      faraday_middleware
      gli
      hashie
      websocket-driver
    thor (1.0.1)
    thread_safe (0.3.6)
    tilt (2.0.10)
    tzinfo (1.2.7)
      thread_safe (~> 0.1)
    unicorn (5.5.3)
      kgio (~> 2.6)
      raindrops (~> 0.7)
    websocket-driver (0.7.1)
      websocket-extensions (>= 0.1.0)
    websocket-extensions (0.1.4)
    yao (0.12.0)
      faraday
      faraday_middleware
      json
    zeitwerk (2.3.0)

PLATFORMS
  ruby

DEPENDENCIES
  config
  dotenv
  faye-websocket
  kanmon
  puma
  sinatra
  sinatra-contrib
  slack-ruby-bot
  unicorn

BUNDLED WITH
   2.1.4
